GEM
  remote: http://rubygems.org/
  specs:
    activemodel (3.2.3)
      activesupport (= 3.2.3)
      builder (~> 3.0.0)
    activesupport (3.2.3)
      i18n (~> 0.6)
      multi_json (~> 1.0)
    bson (1.6.2)
    builder (3.0.0)
    git (1.2.5)
    i18n (0.6.0)
    jeweler (1.8.3)
      bundler (~> 1.0)
      git (>= 1.2.5)
      rake
      rdoc
    json (1.6.6)
    mongo (1.6.2)
      bson (~> 1.6.2)
    mongoid (2.4.8)
      activemodel (~> 3.1)
      mongo (~> 1.3)
      tzinfo (~> 0.3.22)
    multi_json (1.2.0)
    rake (0.9.2.2)
    rdoc (3.12)
      json (~> 1.4)
    redcarpet (2.1.1)
    tzinfo (0.3.33)
    yard (0.7.5)

PLATFORMS
  ruby

DEPENDENCIES
  jeweler (~> 1.8.3)
  mongoid (~> 2.4.7)
  redcarpet (~> 2.1.0)
  yard (~> 0.7.5)
