PATH
  remote: .
  specs:
    mongoid_userstamp (0.2.1)
      mongoid (>= 3.0.4)

GEM
  remote: http://rubygems.org/
  specs:
    activemodel (3.2.14)
      activesupport (= 3.2.14)
      builder (~> 3.0.0)
    activesupport (3.2.14)
      i18n (~> 0.6, >= 0.6.4)
      multi_json (~> 1.0)
    builder (3.0.4)
    diff-lcs (1.2.1)
    gem-release (0.6.0)
    i18n (0.6.5)
    mongoid (3.1.5)
      activemodel (~> 3.2)
      moped (~> 1.4)
      origin (~> 1.0)
      tzinfo (~> 0.3.29)
    moped (1.5.1)
    multi_json (1.8.2)
    origin (1.1.0)
    rake (10.1.0)
    rspec (2.13.0)
      rspec-core (~> 2.13.0)
      rspec-expectations (~> 2.13.0)
      rspec-mocks (~> 2.13.0)
    rspec-core (2.13.1)
    rspec-expectations (2.13.0)
      diff-lcs (>= 1.1.3, < 2.0)
    rspec-mocks (2.13.0)
    tzinfo (0.3.38)
    yard (0.8.5.2)

PLATFORMS
  ruby
  x86-mingw32

DEPENDENCIES
  gem-release
  mongoid_userstamp!
  rake
  rspec (>= 2.13.0)
  yard
